GEM
  remote: https://rubygems.org/
  specs:
    minitest (5.25.4)

PLATFORMS
  arm64-darwin-23
  ruby

DEPENDENCIES
  minitest (~> 5.25.4)

BUNDLED WITH
   2.5.20
